GEM
  remote: https://rubygems.org/
  specs:
    alphred (1.1.1)
      builder (~> 3.2)
    builder (3.2.2)
    faraday (0.9.2)
      multipart-post (>= 1.2, < 3)
    multipart-post (2.0.0)

PLATFORMS
  ruby

DEPENDENCIES
  alphred (~> 1.1)
  faraday (~> 0.9)

BUNDLED WITH
   1.10.6
